GEM
  remote: https://rubygems.org/
  specs:
    json (1.8.3)
    net-ping (1.7.8)
    net-scp (1.2.1)
      net-ssh (>= 2.6.5)
    net-ssh (3.0.1)

PLATFORMS
  ruby

DEPENDENCIES
  json
  net-ping
  net-scp
  net-ssh

BUNDLED WITH
   1.10.2
